STORAGE: NONE
RESTRICTION: == netstandard2.0
NUGET
  remote: https://www.nuget.org/api/v2
    Fable.Core (2.0.3)
      FSharp.Core (>= 4.5.2)
    Fable.Import.Browser (1.3)
      Fable.Core (>= 1.3.17)
    Fable.Promise (1.0)
      Fable.Core (>= 2.0.2)
      FSharp.Core (>= 4.5.2)
    FSharp.Core (4.5.4)
